GEM
  remote: https://rubygems.org/
  specs:
    celluloid (0.15.2)
      timers (~> 1.1.0)
    connection_pool (2.0.0)
    json (1.8.1)
    mini_portile (0.5.2)
    net-http-persistent (2.9.4)
    nokogiri (1.6.1)
      mini_portile (~> 0.5.0)
    oauth (0.4.7)
    redis (3.0.7)
    timers (1.1.0)

PLATFORMS
  ruby

DEPENDENCIES
  celluloid
  connection_pool
  json
  net-http-persistent
  nokogiri
  oauth
  redis
